GEM
  remote: https://rubygems.org/
  specs:
    bats (0.1.2)
      rack
    rack (1.6.4)

PLATFORMS
  ruby

DEPENDENCIES
  bats
  rack (~> 1.1)

BUNDLED WITH
   1.10.6
